GIT
  remote: git://github.com/eventmachine/eventmachine.git
  revision: 9473a1b181ed1997e3156d960b2bb2783f508191
  ref: 9473a1b
  specs:
    eventmachine (1.0.0.rc.4)

GIT
  remote: git://github.com/macournoyer/thin.git
  revision: 2ddb22426e1b9f516a6b4c96a5ab81ef80cc8600
  ref: 2ddb224
  specs:
    thin (1.4.1)
      daemons (>= 1.0.9)
      eventmachine (>= 0.12.6)
      rack (>= 1.0.0)

GEM
  remote: http://rubygems.org/
  specs:
    RedCloth (4.2.9)
    daemons (1.1.8)
    dalli (2.1.0)
    gdata_19 (1.1.5)
    haml (3.1.6)
    maruku (0.6.0)
      syntax (>= 1.0.0)
    memcachier (0.0.2)
    nesta (0.9.5)
      RedCloth (~> 4.2)
      haml (~> 3.1)
      maruku (>= 0.6.0)
      sass (~> 3.1)
      shotgun (>= 0.8)
      sinatra (= 1.1.2)
    pg (0.14.0)
    rack (1.4.1)
    rack-flash3 (1.0.1)
      rack
      rack
    rack-openid (1.3.1)
      rack (>= 1.1.0)
      ruby-openid (>= 2.1.8)
    ruby-openid (2.2.0)
    sass (3.1.20)
    shotgun (0.9)
      rack (>= 1.0)
    sinatra (1.1.2)
      rack (~> 1.1)
      tilt (~> 1.2)
    syntax (1.0.0)
    tilt (1.3.3)

PLATFORMS
  ruby

DEPENDENCIES
  dalli
  eventmachine!
  gdata_19
  memcachier
  nesta (= 0.9.5)
  pg
  rack-flash3 (~> 1.0.1)
  rack-openid (~> 1.3.1)
  thin!
