GEM
  remote: http://rubygems.org/
  specs:
    RedCloth (4.2.9)
    dalli (2.0.4)
    gdata_19 (1.1.5)
    haml (3.1.4)
    maruku (0.6.0)
      syntax (>= 1.0.0)
    nesta (0.9.5)
      RedCloth (~> 4.2)
      haml (~> 3.1)
      maruku (>= 0.6.0)
      sass (~> 3.1)
      shotgun (>= 0.8)
      sinatra (= 1.1.2)
    rack (1.4.1)
    rack-flash3 (1.0.1)
      rack
      rack
    rack-openid (1.3.1)
      rack (>= 1.1.0)
      ruby-openid (>= 2.1.8)
    ruby-openid (2.1.8)
    sass (3.1.17)
    shotgun (0.9)
      rack (>= 1.0)
    sinatra (1.1.2)
      rack (~> 1.1)
      tilt (~> 1.2)
    syntax (1.0.0)
    tilt (1.3.3)

PLATFORMS
  ruby

DEPENDENCIES
  dalli
  gdata_19
  nesta (= 0.9.5)
  rack-flash3 (~> 1.0.1)
  rack-openid (~> 1.3.1)
