GEM
  remote: http://rubygems.org/
  specs:
    RedCloth (4.2.7)
    dalli (1.0.5)
    gdata_19 (1.1.2)
    haml (3.1.2)
    maruku (0.6.0)
      syntax (>= 1.0.0)
    nesta (0.9.5)
      RedCloth (~> 4.2)
      haml (~> 3.1)
      maruku (>= 0.6.0)
      sass (~> 3.1)
      shotgun (>= 0.8)
      sinatra (= 1.1.2)
    rack (1.3.2)
    rack-flash (0.1.2)
      rack
    rack-openid (1.3.1)
      rack (>= 1.1.0)
      ruby-openid (>= 2.1.8)
    ruby-openid (2.1.8)
    sass (3.1.7)
    shotgun (0.9)
      rack (>= 1.0)
    sinatra (1.1.2)
      rack (~> 1.1)
      tilt (~> 1.2)
    syntax (1.0.0)
    tilt (1.3.2)

PLATFORMS
  ruby

DEPENDENCIES
  dalli
  gdata_19
  nesta (= 0.9.5)
  rack-flash (= 0.1.2)
  rack-openid (~> 1.3.1)
